GEM
  remote: http://rubygems.org/
  specs:
    columnize (0.3.6)
    debugger (1.5.0)
      columnize (>= 0.3.1)
      debugger-linecache (~> 1.2.0)
      debugger-ruby_core_source (~> 1.2.0)
    debugger-linecache (1.2.0)
    debugger-ruby_core_source (1.2.0)
    diff-lcs (1.2.1)
    excon (0.16.10)
    git (1.2.5)
    jeweler (1.8.4)
      bundler (~> 1.0)
      git (>= 1.2.5)
      rake
      rdoc
    json (1.7.7)
    mandrill-api (1.0.17)
      excon (~> 0.16.0)
      json (~> 1.7.7)
    rake (10.0.3)
    rdoc (4.0.0)
      json (~> 1.4)
    rspec (2.13.0)
      rspec-core (~> 2.13.0)
      rspec-expectations (~> 2.13.0)
      rspec-mocks (~> 2.13.0)
    rspec-core (2.13.1)
    rspec-expectations (2.13.0)
      diff-lcs (>= 1.1.3, < 2.0)
    rspec-mocks (2.13.0)

PLATFORMS
  ruby

DEPENDENCIES
  bundler (~> 1.3.3)
  debugger (~> 1.5.0)
  jeweler (~> 1.8.4)
  mandrill-api (~> 1.0.16)
  rdoc (~> 4.0.0)
  rspec (~> 2.13.0)
